GEM
  remote: http://rubygems.org/
  specs:
    acl9 (0.12.0)
    actionmailer (2.3.5)
      actionpack (= 2.3.5)
    actionpack (2.3.5)
      activesupport (= 2.3.5)
      rack (~> 1.0.0)
    activerecord (2.3.5)
      activesupport (= 2.3.5)
    activeresource (2.3.5)
      activesupport (= 2.3.5)
    activesupport (2.3.5)
    authlogic (2.1.3)
      activesupport
    aws-s3 (0.6.2)
      builder
      mime-types
      xml-simple
    backup (2.3.1)
      activerecord (>= 2.3.5)
      aws-s3 (>= 0.6.2)
      hirb (>= 0.2.9)
      net-scp (>= 1.0.2)
      net-sftp (>= 2.0.4)
      net-ssh (>= 2.0.15)
      pony (>= 0.5)
      sqlite3-ruby (>= 1.2.5)
    builder (3.0.0)
    configuration (1.2.0)
    cucumber (0.10.0)
      builder (>= 2.1.2)
      diff-lcs (~> 1.1.2)
      gherkin (~> 2.3.2)
      json (~> 1.4.6)
      term-ansicolor (~> 1.0.5)
    cucumber-rails (0.3.2)
      cucumber (>= 0.8.0)
    database_cleaner (0.6.3)
    diff-lcs (1.1.2)
    factory_girl (1.2.3)
    fastercsv (1.5.1)
    gherkin (2.3.3)
      json (~> 1.4.6)
    heroku (1.17.16)
      json (~> 1.4.6)
      launchy (~> 0.3.2)
      rest-client (>= 1.4.0, < 1.7.0)
    hirb (0.3.6)
    hoptoad_notifier (2.4.6)
      activesupport
      builder
    i18n (0.5.0)
    json (1.4.6)
    launchy (0.3.7)
      configuration (>= 0.0.5)
      rake (>= 0.8.1)
    liquid (2.0.0)
    mail (2.2.1)
      activesupport (>= 2.3.4)
      mime-types
      treetop (>= 1.4.5)
    mime-types (1.16)
    money (3.6.0)
      i18n (~> 0.4)
    net-scp (1.0.4)
      net-ssh (>= 1.99.1)
    net-sftp (2.0.5)
      net-ssh (>= 2.0.9)
    net-ssh (2.1.0)
    nokogiri (1.4.4)
    polyglot (0.3.1)
    pony (1.1)
      mail (> 2.0)
    prawn (0.7.2)
      prawn-core (>= 0.7.2, < 0.8)
      prawn-layout (>= 0.7.2, < 0.8)
      prawn-security (>= 0.7.1, < 0.8)
    prawn-core (0.7.2)
    prawn-layout (0.7.2)
    prawn-security (0.7.1)
    rack (1.0.1)
    rack-test (0.5.7)
      rack (>= 1.0)
    rails (2.3.5)
      actionmailer (= 2.3.5)
      actionpack (= 2.3.5)
      activerecord (= 2.3.5)
      activeresource (= 2.3.5)
      activesupport (= 2.3.5)
      rake (>= 0.8.3)
    rake (0.8.7)
    rest-client (1.6.1)
      mime-types (>= 1.16)
    rspec (1.2.9)
    rspec-rails (1.2.9)
      rack (>= 1.0.0)
      rspec (>= 1.2.9)
    ruby-ole (1.2.11.1)
    sequel (3.17.0)
    sinatra (1.0)
      rack (>= 1.0)
    spreadsheet (0.6.5.2)
      ruby-ole (>= 1.0)
    sqlite3 (1.3.3)
    sqlite3-ruby (1.3.3)
      sqlite3 (>= 1.3.3)
    taps (0.3.15)
      json (~> 1.4.6)
      rack (>= 1.0.1)
      rest-client (>= 1.4.0, < 1.7.0)
      sequel (~> 3.17.0)
      sinatra (~> 1.0.0)
      sqlite3-ruby (~> 1.2)
    term-ansicolor (1.0.5)
    treetop (1.4.9)
      polyglot (>= 0.3.1)
    validates_email_format_of (1.4.5)
    webrat (0.7.3)
      nokogiri (>= 1.2.0)
      rack (>= 1.0)
      rack-test (>= 0.5.3)
    xml-simple (1.0.14)

PLATFORMS
  ruby

DEPENDENCIES
  acl9 (= 0.12.0)
  authlogic (= 2.1.3)
  backup (= 2.3.1)
  cucumber
  cucumber-rails
  database_cleaner
  factory_girl (= 1.2.3)
  fastercsv (= 1.5.1)
  heroku
  hoptoad_notifier
  liquid (= 2.0.0)
  money
  prawn (= 0.7.2)
  rails (= 2.3.5)
  rspec (= 1.2.9)
  rspec-rails (= 1.2.9)
  spreadsheet
  taps
  validates_email_format_of
  webrat
